GEM
  remote: http://rubygems.org/
  specs:
    activesupport (3.2.8)
      i18n (~> 0.6)
      multi_json (~> 1.0)
    addressable (2.3.2)
    blankslate (3.1.2)
    diff-lcs (1.1.3)
    git (1.2.5)
    i18n (0.6.1)
    jeweler (1.8.4)
      bundler (~> 1.0)
      git (>= 1.2.5)
      rake
      rdoc
    json (1.7.5)
    multi_json (1.3.6)
    nokogiri (1.5.5)
    rake (0.9.2.2)
    rdf (0.3.8)
      addressable (>= 2.2.6)
    rdf-rdfxml (0.3.8)
      rdf (>= 0.3.4)
      rdf-xsd (>= 0.3.5)
    rdf-xsd (0.3.8)
      rdf (>= 0.3.4)
    rdoc (3.12)
      json (~> 1.4)
    rspec (2.11.0)
      rspec-core (~> 2.11.0)
      rspec-expectations (~> 2.11.0)
      rspec-mocks (~> 2.11.0)
    rspec-core (2.11.1)
    rspec-expectations (2.11.3)
      diff-lcs (~> 1.1.3)
    rspec-mocks (2.11.3)

PLATFORMS
  ruby

DEPENDENCIES
  activesupport (~> 3)
  blankslate
  bundler (~> 1.2.0)
  jeweler (~> 1.8.4)
  nokogiri
  rdf (~> 0.3)
  rdf-rdfxml (~> 0.3)
  rdoc (~> 3.12)
  rspec (~> 2.11)
